PATH
  remote: .
  specs:
    syslogger (1.2.4)

GEM
  remote: http://rubygems.org/
  specs:
    rake (0.8.7)
    rspec (1.3.1)

PLATFORMS
  ruby

DEPENDENCIES
  rake (~> 0.8)
  rspec (~> 1.3)
  syslogger!
